PATH
  remote: .
  specs:
    bisques (1.0.3)
      addressable
      httpclient
      json
      nokogiri

GEM
  remote: https://rubygems.org/
  specs:
    addressable (2.3.2)
    columnize (0.3.6)
    debugger (1.2.2)
      columnize (>= 0.3.1)
      debugger-linecache (~> 1.1.1)
      debugger-ruby_core_source (~> 1.1.5)
    debugger-linecache (1.1.2)
      debugger-ruby_core_source (>= 1.1.1)
    debugger-ruby_core_source (1.1.5)
    diff-lcs (1.1.3)
    httpclient (2.3.0.1)
    json (1.7.5)
    nokogiri (1.5.5)
    rake (10.0.4)
    rspec (2.12.0)
      rspec-core (~> 2.12.0)
      rspec-expectations (~> 2.12.0)
      rspec-mocks (~> 2.12.0)
    rspec-core (2.12.0)
    rspec-expectations (2.12.0)
      diff-lcs (~> 1.1.3)
    rspec-mocks (2.12.0)

PLATFORMS
  ruby

DEPENDENCIES
  bisques!
  debugger
  rake
  rspec
